GEM
  remote: https://rubygems.org/
  specs:
    rack (2.2.8.1)
    redis (3.0.7)

PLATFORMS
  universal-darwin-21
  universal-darwin-23

DEPENDENCIES
  rack (~> 2.2.3)
  redis (~> 3.0.1)

BUNDLED WITH
   2.2.22
