GEM
  remote: https://rubygems.org/
  specs:
    lz4-ruby (0.3.3)
    msgpack (1.7.2)
    paquito (0.11.1)
      msgpack (>= 1.5.2)

PLATFORMS
  arm64-darwin-23
  ruby

DEPENDENCIES
  lz4-ruby
  paquito

BUNDLED WITH
   2.5.16
